GEM
  remote: https://rubygems.org/
  specs:
    oauth (0.5.1)
    rack (1.6.4)
    rack-flash3 (1.0.5)
      rack
    rack-protection (1.5.3)
      rack
    sinatra (1.4.7)
      rack (~> 1.5)
      rack-protection (~> 1.4)
      tilt (>= 1.3, < 3)
    tilt (2.0.2)

PLATFORMS
  ruby

DEPENDENCIES
  oauth
  rack-flash3
  sinatra

BUNDLED WITH
   1.11.2
